GIT
  remote: git://github.com/alces-software/commander.git
  revision: 89523312cc16c5454d79b598bec05112ee529d5d
  tag: 4.4.4.alces3
  specs:
    commander (4.4.4.pre.alces2)
      highline (~> 1.7.2)

GIT
  remote: https://github.com/alces-software/flight_config
  revision: 5309c1fbbad50bae29ad5c5e908a3b678ba9f5b9
  branch: develop
  specs:
    flight_config (0.1.0)
      fakefs
      fcntl
      tty-config

GEM
  remote: https://rubygems.org/
  specs:
    fakefs (0.19.2)
    fcntl (1.0.0)
    highline (1.7.10)
    paint (2.1.0)
    tty-config (0.3.1)

PLATFORMS
  ruby

DEPENDENCIES
  commander!
  flight_config!
  paint

BUNDLED WITH
   1.17.1
